PATH
  remote: .
  specs:
    phantom-ruby-browser (0.0.1)
      phantomjs (~> 1.9.7.1, >= 1.9.7.1)

GEM
  remote: https://rubygems.org/
  specs:
    coderay (1.1.0)
    diff-lcs (1.2.5)
    method_source (0.8.2)
    phantomjs (1.9.7.1)
    pry (0.9.12.6)
      coderay (~> 1.0)
      method_source (~> 0.8)
      slop (~> 3.4)
    rake (10.1.1)
    rspec (3.1.0)
      rspec-core (~> 3.1.0)
      rspec-expectations (~> 3.1.0)
      rspec-mocks (~> 3.1.0)
    rspec-core (3.1.5)
      rspec-support (~> 3.1.0)
    rspec-expectations (3.1.2)
      diff-lcs (>= 1.2.0, < 2.0)
      rspec-support (~> 3.1.0)
    rspec-mocks (3.1.2)
      rspec-support (~> 3.1.0)
    rspec-support (3.1.1)
    slop (3.6.0)

PLATFORMS
  ruby

DEPENDENCIES
  phantom-ruby-browser!
  pry (~> 0.9.12.2, >= 0.9.12.2)
  rake (~> 10.1.0, >= 10.1.0)
  rspec (~> 3.1.0, >= 3.1.0)
